GEM
  remote: http://ruby.taobao.org/
  specs:
    ffi (1.9.3)

PLATFORMS
  ruby

DEPENDENCIES
  ffi
